GEM
  remote: https://rubygems.org/
  specs:
    activesupport (7.1.1)
      base64
      bigdecimal
      concurrent-ruby (~> 1.0, >= 1.0.2)
      connection_pool (>= 2.2.5)
      drb
      i18n (>= 1.6, < 2)
      minitest (>= 5.1)
      mutex_m
      tzinfo (~> 2.0)
    addressable (2.8.5)
      public_suffix (>= 2.0.2, < 6.0)
    base64 (0.1.1)
    bigdecimal (3.1.4)
    coffee-script (2.4.1)
      coffee-script-source
      execjs
    coffee-script-source (1.11.1)
    colorator (1.1.0)
    commonmarker (0.23.10)
    concurrent-ruby (1.2.2)
    connection_pool (2.4.1)
    dnsruby (1.70.0)
      simpleidn (~> 0.2.1)
    drb (2.1.1)
      ruby2_keywords
    em-websocket (0.5.3)
      eventmachine (>= 0.12.9)
      http_parser.rb (~> 0)
    ethon (0.16.0)
      ffi (>= 1.15.0)
    eventmachine (1.2.7)
    execjs (2.9.1)
    faraday (2.7.11)
      base64
      faraday-net_http (>= 2.0, < 3.1)
      ruby2_keywords (>= 0.0.4)
    faraday-net_http (3.0.2)
    ffi (1.16.3)
    forwardable-extended (2.6.0)
    gemoji (3.0.1)
    github-pages (228)
      github-pages-health-check (= 1.17.9)
      jekyll (= 3.9.3)
      jekyll-avatar (= 0.7.0)
      jekyll-coffeescript (= 1.1.1)
      jekyll-commonmark-ghpages (= 0.4.0)
      jekyll-default-layout (= 0.1.4)
      jekyll-feed (= 0.15.1)
      jekyll-gist (= 1.5.0)
      jekyll-github-metadata (= 2.13.0)
      jekyll-include-cache (= 0.2.1)
      jekyll-mentions (= 1.6.0)
      jekyll-optional-front-matter (= 0.3.2)
      jekyll-paginate (= 1.1.0)
      jekyll-readme-index (= 0.3.0)
      jekyll-redirect-from (= 0.16.0)
      jekyll-relative-links (= 0.6.1)
      jekyll-remote-theme (= 0.4.3)
      jekyll-sass-converter (= 1.5.2)
      jekyll-seo-tag (= 2.8.0)
      jekyll-sitemap (= 1.4.0)
      jekyll-swiss (= 1.0.0)
      jekyll-theme-architect (= 0.2.0)
      jekyll-theme-cayman (= 0.2.0)
      jekyll-theme-dinky (= 0.2.0)
      jekyll-theme-hacker (= 0.2.0)
      jekyll-theme-leap-day (= 0.2.0)
      jekyll-theme-merlot (= 0.2.0)
      jekyll-theme-midnight (= 0.2.0)
      jekyll-theme-minimal (= 0.2.0)
      jekyll-theme-modernist (= 0.2.0)
      jekyll-theme-primer (= 0.6.0)
      jekyll-theme-slate (= 0.2.0)
      jekyll-theme-tactile (= 0.2.0)
      jekyll-theme-time-machine (= 0.2.0)
      jekyll-titles-from-headings (= 0.5.3)
      jemoji (= 0.12.0)
      kramdown (= 2.3.2)
      kramdown-parser-gfm (= 1.1.0)
      liquid (= 4.0.4)
      mercenary (~> 0.3)
      minima (= 2.5.1)
      nokogiri (>= 1.13.6, < 2.0)
      rouge (= 3.26.0)
      terminal-table (~> 1.4)
    github-pages-health-check (1.17.9)
      addressable (~> 2.3)
      dnsruby (~> 1.60)
      octokit (~> 4.0)
      public_suffix (>= 3.0, < 5.0)
      typhoeus (~> 1.3)
    html-pipeline (2.14.3)
      activesupport (>= 2)
      nokogiri (>= 1.4)
    http_parser.rb (0.8.0)
    i18n (1.14.1)
      concurrent-ruby (~> 1.0)
    jekyll (3.9.3)
      addressable (~> 2.4)
      colorator (~> 1.0)
      em-websocket (~> 0.5)
      i18n (>= 0.7, < 2)
      jekyll-sass-converter (~> 1.0)
      jekyll-watch (~> 2.0)
      kramdown (>= 1.17, < 3)
      liquid (~> 4.0)
      mercenary (~> 0.3.3)
      pathutil (~> 0.9)
      rouge (>= 1.7, < 4)
      safe_yaml (~> 1.0)
    jekyll-avatar (0.7.0)
      jekyll (>= 3.0, < 5.0)
    jekyll-coffeescript (1.1.1)
      coffee-script (~> 2.2)
      coffee-script-source (~> 1.11.1)
    jekyll-commonmark (1.4.0)
      commonmarker (~> 0.22)
    jekyll-commonmark-ghpages (0.4.0)
      commonmarker (~> 0.23.7)
      jekyll (~> 3.9.0)
      jekyll-commonmark (~> 1.4.0)
      rouge (>= 2.0, < 5.0)
    jekyll-default-layout (0.1.4)
      jekyll (~> 3.0)
    jekyll-feed (0.15.1)
      jekyll (>= 3.7, < 5.0)
    jekyll-gist (1.5.0)
      octokit (~> 4.2)
    jekyll-github-metadata (2.13.0)
      jekyll (>= 3.4, < 5.0)
      octokit (~> 4.0, != 4.4.0)
    jekyll-include-cache (0.2.1)
      jekyll (>= 3.7, < 5.0)
    jekyll-mentions (1.6.0)
      html-pipeline (~> 2.3)
      jekyll (>= 3.7, < 5.0)
    jekyll-optional-front-matter (0.3.2)
      jekyll (>= 3.0, < 5.0)
    jekyll-paginate (1.1.0)
    jekyll-readme-index (0.3.0)
      jekyll (>= 3.0, < 5.0)
    jekyll-redirect-from (0.16.0)
      jekyll (>= 3.3, < 5.0)
    jekyll-relative-links (0.6.1)
      jekyll (>= 3.3, < 5.0)
    jekyll-remote-theme (0.4.3)
      addressable (~> 2.0)
      jekyll (>= 3.5, < 5.0)
      jekyll-sass-converter (>= 1.0, <= 3.0.0, != 2.0.0)
      rubyzip (>= 1.3.0, < 3.0)
    jekyll-sass-converter (1.5.2)
      sass (~> 3.4)
    jekyll-seo-tag (2.8.0)
      jekyll (>= 3.8, < 5.0)
    jekyll-sitemap (1.4.0)
      jekyll (>= 3.7, < 5.0)
    jekyll-swiss (1.0.0)
    jekyll-theme-architect (0.2.0)
      jekyll (> 3.5, < 5.0)
      jekyll-seo-tag (~> 2.0)
    jekyll-theme-cayman (0.2.0)
      jekyll (> 3.5, < 5.0)
      jekyll-seo-tag (~> 2.0)
    jekyll-theme-dinky (0.2.0)
      jekyll (> 3.5, < 5.0)
      jekyll-seo-tag (~> 2.0)
    jekyll-theme-hacker (0.2.0)
      jekyll (> 3.5, < 5.0)
      jekyll-seo-tag (~> 2.0)
    jekyll-theme-leap-day (0.2.0)
      jekyll (> 3.5, < 5.0)
      jekyll-seo-tag (~> 2.0)
    jekyll-theme-merlot (0.2.0)
      jekyll (> 3.5, < 5.0)
      jekyll-seo-tag (~> 2.0)
    jekyll-theme-midnight (0.2.0)
      jekyll (> 3.5, < 5.0)
      jekyll-seo-tag (~> 2.0)
    jekyll-theme-minimal (0.2.0)
      jekyll (> 3.5, < 5.0)
      jekyll-seo-tag (~> 2.0)
    jekyll-theme-modernist (0.2.0)
      jekyll (> 3.5, < 5.0)
      jekyll-seo-tag (~> 2.0)
    jekyll-theme-primer (0.6.0)
      jekyll (> 3.5, < 5.0)
      jekyll-github-metadata (~> 2.9)
      jekyll-seo-tag (~> 2.0)
    jekyll-theme-slate (0.2.0)
      jekyll (> 3.5, < 5.0)
      jekyll-seo-tag (~> 2.0)
    jekyll-theme-tactile (0.2.0)
      jekyll (> 3.5, < 5.0)
      jekyll-seo-tag (~> 2.0)
    jekyll-theme-time-machine (0.2.0)
      jekyll (> 3.5, < 5.0)
      jekyll-seo-tag (~> 2.0)
    jekyll-titles-from-headings (0.5.3)
      jekyll (>= 3.3, < 5.0)
    jekyll-watch (2.2.1)
      listen (~> 3.0)
    jemoji (0.12.0)
      gemoji (~> 3.0)
      html-pipeline (~> 2.2)
      jekyll (>= 3.0, < 5.0)
    kramdown (2.3.2)
      rexml
    kramdown-parser-gfm (1.1.0)
      kramdown (~> 2.0)
    liquid (4.0.4)
    listen (3.8.0)
      rb-fsevent (~> 0.10, >= 0.10.3)
      rb-inotify (~> 0.9, >= 0.9.10)
    mercenary (0.3.6)
    minima (2.5.1)
      jekyll (>= 3.5, < 5.0)
      jekyll-feed (~> 0.9)
      jekyll-seo-tag (~> 2.1)
    minitest (5.20.0)
    mutex_m (0.1.2)
    nokogiri (1.15.4-arm64-darwin)
      racc (~> 1.4)
    nokogiri (1.15.4-x86_64-linux)
      racc (~> 1.4)
    octokit (4.25.1)
      faraday (>= 1, < 3)
      sawyer (~> 0.9)
    pathutil (0.16.2)
      forwardable-extended (~> 2.6)
    public_suffix (4.0.7)
    racc (1.7.1)
    rb-fsevent (0.11.2)
    rb-inotify (0.10.1)
      ffi (~> 1.0)
    rexml (3.2.6)
    rouge (3.26.0)
    ruby2_keywords (0.0.5)
    rubyzip (2.3.2)
    safe_yaml (1.0.5)
    sass (3.7.4)
      sass-listen (~> 4.0.0)
    sass-listen (4.0.0)
      rb-fsevent (~> 0.9, >= 0.9.4)
      rb-inotify (~> 0.9, >= 0.9.7)
    sawyer (0.9.2)
      addressable (>= 2.3.5)
      faraday (>= 0.17.3, < 3)
    simpleidn (0.2.1)
      unf (~> 0.1.4)
    terminal-table (1.8.0)
      unicode-display_width (~> 1.1, >= 1.1.1)
    typhoeus (1.4.0)
      ethon (>= 0.9.0)
    tzinfo (2.0.6)
      concurrent-ruby (~> 1.0)
    unf (0.1.4)
      unf_ext
    unf_ext (0.0.8.2)
    unicode-display_width (1.8.0)
    webrick (1.8.1)

PLATFORMS
  arm64-darwin-23
  x86_64-linux

DEPENDENCIES
  execjs (~> 2.8)
  github-pages
  webrick (~> 1.7)

CHECKSUMS
  activesupport (7.1.1) sha256=8770bca4af1cbd6e9ffb944b41056321499ff82e8e7c2ed34e48eff4a5ee58a2
  addressable (2.8.5) sha256=63f0fbcde42edf116d6da98a9437f19dd1692152f1efa3fcc4741e443c772117
  base64 (0.1.1) sha256=0c75d351a429b5176a476cd8a3740cff3277d2bac26a50b5c7456c266e9acd33
  bigdecimal (3.1.4) sha256=de0c967bb24afe45e0e3d2d65e376614a430c3bc70563ac21cb3518f7409c61f
  coffee-script (2.4.1) sha256=82fe281e11b93c8117b98c5ea8063e71741870f1c4fbb27177d7d6333dd38765
  coffee-script-source (1.11.1) sha256=096ee2a4c29e286077292da31675199cd7a0e9e308319e86410e01f42984da75
  colorator (1.1.0) sha256=e2f85daf57af47d740db2a32191d1bdfb0f6503a0dfbc8327d0c9154d5ddfc38
  commonmarker (0.23.10) sha256=fdd312ae2bb4071b2f3085d4d7533cb9f8d9057a2eaa0760228a65bc3ed565d1
  concurrent-ruby (1.2.2) sha256=3879119b8b75e3b62616acc256c64a134d0b0a7a9a3fcba5a233025bcde22c4f
  connection_pool (2.4.1) sha256=0f40cf997091f1f04ff66da67eabd61a9fe0d4928b9a3645228532512fab62f4
  dnsruby (1.70.0) sha256=8864735947b049f4185c609cb691c03a4e5a22b4ef0ead364029314558a4729d
  drb (2.1.1) sha256=6b8f481d9a9a7528c41d4f66484a4a73d2204f095da8ab141b5ea0aa22162c41
  em-websocket (0.5.3) sha256=f56a92bde4e6cb879256d58ee31f124181f68f8887bd14d53d5d9a292758c6a8
  ethon (0.16.0) sha256=bba0da1cea8ac3e1f5cdd7cb1cb5fc78d7ac562c33736f18f0c3eb2b63053d9e
  eventmachine (1.2.7) sha256=994016e42aa041477ba9cff45cbe50de2047f25dd418eba003e84f0d16560972
  execjs (2.9.1) sha256=e8fd066f6df60c8e8fbebc32c6fb356b5212c77374e8416a9019ca4bb154dcfb
  faraday (2.7.11) sha256=85dbf6bb776c66d2a03394d8fe535f90cb1c875e3c6ab9bb85d26ca13597c76e
  faraday-net_http (3.0.2) sha256=6882929abed8094e1ee30344a3369e856fe34530044630d1f652bf70ebd87e8d
  ffi (1.16.3) sha256=6d3242ff10c87271b0675c58d68d3f10148fabc2ad6da52a18123f06078871fb
  forwardable-extended (2.6.0) sha256=1bec948c469bbddfadeb3bd90eb8c85f6e627a412a3e852acfd7eaedbac3ec97
  gemoji (3.0.1) sha256=80553f2f4932a7a95fb1b3c7c63f7dd937e7c8c610164bbdea28fd06eba5f36d
  github-pages (228) sha256=097f6e39e57acca2a1c3f3a7de4996d0d070e3a8b0c0b0a0f0b406309f16332f
  github-pages-health-check (1.17.9) sha256=d359ed038f0ae03f602395af89985a6cb1f9d050b78bdc2a434aff2ce94a7a9d
  html-pipeline (2.14.3) sha256=8a1d4d7128b2141913387cac0f8ba898bb6812557001acc0c2b46910f59413a0
  http_parser.rb (0.8.0) sha256=5a0932f1fa82ce08a8516a2685d5a86031c000560f89946913c555a0697544be
  i18n (1.14.1) sha256=9d03698903547c060928e70a9bc8b6b87fda674453cda918fc7ab80235ae4a61
  jekyll (3.9.3) sha256=de4fa2e342a7ecefc264315b223220a233a74a1901ab81fde2a19ccae3fc3e55
  jekyll-avatar (0.7.0) sha256=93038ba6fc9c2427c6bbce49839874f0232345c68e4237b548780343afd07e0d
  jekyll-coffeescript (1.1.1) sha256=7e6fccd8f2460f9551219b20b27c61b0ea297e544d3f831759527be392240e1b
  jekyll-commonmark (1.4.0) sha256=1731e658fe09ce040271e6878f83ad45bbf8d17b10ad03bf343546cca30f4844
  jekyll-commonmark-ghpages (0.4.0) sha256=edc9e812b09d8bcf328356824767fcfa7204fe2130f9b4c47098b099d63afafe
  jekyll-default-layout (0.1.4) sha256=7d128fc8972353370cdf22beb1610434421c732d707ba4c77513d65941bb3f01
  jekyll-feed (0.15.1) sha256=49fda707b6e81e43d9863841293afd5026038d7a05865150e2b1831e6d9eb8ff
  jekyll-gist (1.5.0) sha256=495b6483552a3e2975a2752964ea7acddd545bc6e13ce2be15a50cec8d4c9f0f
  jekyll-github-metadata (2.13.0) sha256=81574c589d4ffbabb32d2961fee444211ee2ff1fd7d35eeec477348f493e9564
  jekyll-include-cache (0.2.1) sha256=c7d4b9e551732a27442cb2ce853ba36a2f69c66603694b8c1184c99ab1a1a205
  jekyll-mentions (1.6.0) sha256=39e801024cb6f2319b3f78a29999d0068ef5f68bc5202b8757d5354fef311ed9
  jekyll-optional-front-matter (0.3.2) sha256=ecdc061d711472469fcf04da617653b553e914c038a17df3b6a5f6f92aeb761b
  jekyll-paginate (1.1.0) sha256=880aadf4b02529a93541d508c5cbb744f014cbfc071d0263a31f25ec9066eb64
  jekyll-readme-index (0.3.0) sha256=d74cc4de46b2d350229be7409495149e656a31fb5a5fe3fe6135dbf7435e1e32
  jekyll-redirect-from (0.16.0) sha256=6635cae569ef9b0f90ffb71ec014ba977177fafb44d32a2b0526288d4d9be6db
  jekyll-relative-links (0.6.1) sha256=d11301f57b39e94b6c04fff2a3b145fe2f6a27be631a403e2542fa2e1548dd6d
  jekyll-remote-theme (0.4.3) sha256=d3fde726484fb3df04de9e347baf75aaa3d5bfea771a330412e0c52608e54b40
  jekyll-sass-converter (1.5.2) sha256=53773669e414dc3bb070113befacb808576025a28cfa4a4accc682e90a9c1101
  jekyll-seo-tag (2.8.0) sha256=3f2ed1916d56f14ebfa38e24acde9b7c946df70cb183af2cb5f0598f21ae6818
  jekyll-sitemap (1.4.0) sha256=0de08c5debc185ea5a8f980e1025c7cd3f8e0c35c8b6ef592f15c46235cf4218
  jekyll-swiss (1.0.0) sha256=c299a855dca881fe868f21545c5489be50ddfbc0d54a80e8dbeb5a2ddc4888a3
  jekyll-theme-architect (0.2.0) sha256=7275d3dcaa6b34fcf92f2fe5cee92d49d66706d3b523003b1e67e9c668ff0440
  jekyll-theme-cayman (0.2.0) sha256=3c5f14f9c72a8eb03ecc74f9a3e5ecbbc55f9381339978b42dec216921865f2a
  jekyll-theme-dinky (0.2.0) sha256=720b257091f0de3aa9394b25fd97d1b2b12cfaf00e060aff170f60e218a32c7c
  jekyll-theme-hacker (0.2.0) sha256=816bf9f992ded0b1e1e69d8dece2574e8480efb5e9f84a2e1ac83bd717b8f78a
  jekyll-theme-leap-day (0.2.0) sha256=921ea8305ae0285a881c9aa9dbe2375ed6f404b4f90067458e596891ef5ac7d1
  jekyll-theme-merlot (0.2.0) sha256=cbf2b21b62423561ca5b62e406dbb08f085e3a45daa7b3b4b9b3f24d08ded545
  jekyll-theme-midnight (0.2.0) sha256=009ff367350e83ff6095d98837bb411adb07b59a76f59f1d4a33ef927bb391de
  jekyll-theme-minimal (0.2.0) sha256=a225210c35573ad2c9e57b81f16f678ca6c314394ec692502ccc6189d7e52d82
  jekyll-theme-modernist (0.2.0) sha256=4be775bc5edd53864c5e40c000c34db0dfd82dac800cff50371ef11da66dfbcf
  jekyll-theme-primer (0.6.0) sha256=ce27282798217eb0957ba01ab3bf12996476348b625736fa8448f7a1b8a307b3
  jekyll-theme-slate (0.2.0) sha256=5e40909de712bbbefbc7a29f17c55bffa326c222f0a13ee1656229a7d43c3439
  jekyll-theme-tactile (0.2.0) sha256=b7861b48aed5b2385d7a146b13f31cb6f37afe3107f4a6b93b1c932b2d242652
  jekyll-theme-time-machine (0.2.0) sha256=bc3490a7eccfc24ca671780c9d4f531500936a361690020b19defe6105d74fe2
  jekyll-titles-from-headings (0.5.3) sha256=77366754e361ea7b5d87881f5b1380835f5ce910c240a4d9ac2d7afe86d28481
  jekyll-watch (2.2.1) sha256=bc44ed43f5e0a552836245a54dbff3ea7421ecc2856707e8a1ee203a8387a7e1
  jemoji (0.12.0) sha256=e9b2b129b393b190cf78d51bc4e178e2bf30aa8e9f1a587b366e978fb35d5d27
  kramdown (2.3.2) sha256=cb4530c2e9d16481591df2c9336723683c354e5416a5dd3e447fa48215a6a71c
  kramdown-parser-gfm (1.1.0) sha256=fb39745516427d2988543bf01fc4cf0ab1149476382393e0e9c48592f6581729
  liquid (4.0.4) sha256=4fcfebb1a045e47918388dbb7a0925e7c3893e58d2bd6c3b3c73ec17a2d8fdb3
  listen (3.8.0) sha256=9679040ac6e7845ad9f19cf59ecde60861c78e2fae57a5c20fe35e94959b2f8f
  mercenary (0.3.6) sha256=2a084b18f5692c86a633e185d5311ba6d11fc46c802eb414ae05368178078a82
  minima (2.5.1) sha256=520e52bc631fb16cbb8100660f6caa44f97859e2fa7e397d508deb18739567be
  minitest (5.20.0) sha256=a3faf26a757ced073aaae0bd10481340f53e221a4f50d8a6033591555374752e
  mutex_m (0.1.2) sha256=0a9bc5ebe3495e3fc39b1c56292792c1f793b3926fad050cd17b1272cfb57dde
  nokogiri (1.15.4-arm64-darwin) sha256=707288e293f4fc82a008f90b7ba0180d9f803f6a239a13e424378fedf8cf93e9
  nokogiri (1.15.4-x86_64-linux) sha256=872ced3d72d797ed9b5a76c67141c6cee7589711358e11c73e9c53724ffd1842
  octokit (4.25.1) sha256=c02092ee82dcdfe84db0e0ea630a70d32becc54245a4f0bacfd21c010df09b96
  pathutil (0.16.2) sha256=e43b74365631cab4f6d5e4228f812927efc9cb2c71e62976edcb252ee948d589
  public_suffix (4.0.7) sha256=8be161e2421f8d45b0098c042c06486789731ea93dc3a896d30554ee38b573b8
  racc (1.7.1) sha256=af64124836fdd3c00e830703d7f873ea5deabde923f37006a39f5a5e0da16387
  rb-fsevent (0.11.2) sha256=43900b972e7301d6570f64b850a5aa67833ee7d87b458ee92805d56b7318aefe
  rb-inotify (0.10.1) sha256=050062d4f31d307cca52c3f6a7f4b946df8de25fc4bd373e1a5142e41034a7ca
  rexml (3.2.6) sha256=e0669a2d4e9f109951cb1fde723d8acd285425d81594a2ea929304af50282816
  rouge (3.26.0) sha256=a3deb40ae6a07daf67ace188b32c63df04cffbe3c9067ef82495d41101188b2c
  ruby2_keywords (0.0.5) sha256=ffd13740c573b7301cf7a2e61fc857b2a8e3d3aff32545d6f8300d8bae10e3ef
  rubyzip (2.3.2) sha256=3f57e3935dc2255c414484fbf8d673b4909d8a6a57007ed754dde39342d2373f
  safe_yaml (1.0.5) sha256=a6ac2d64b7eb027bdeeca1851fe7e7af0d668e133e8a88066a0c6f7087d9f848
  sass (3.7.4) sha256=808b0d39053aa69068df939e24671fe84fd5a9d3314486e1a1457d0934a4255d
  sass-listen (4.0.0) sha256=ae9dcb76dd3e234329e5ba6e213f48e532c5a3e7b0b4d8a87f13aaca0cc18377
  sawyer (0.9.2) sha256=fa3a72d62a4525517b18857ddb78926aab3424de0129be6772a8e2ba240e7aca
  simpleidn (0.2.1) sha256=35dda985b761dff5751fefa7fba02e477427c975d47b11c4c4ffaf01afe1c719
  terminal-table (1.8.0) sha256=13371f069af18e9baa4e44d404a4ada9301899ce0530c237ac1a96c19f652294
  typhoeus (1.4.0) sha256=fff9880d5dc35950e7706cf132fd297f377c049101794be1cf01c95567f642d4
  tzinfo (2.0.6) sha256=8daf828cc77bcf7d63b0e3bdb6caa47e2272dcfaf4fbfe46f8c3a9df087a829b
  unf (0.1.4) sha256=4999517a531f2a955750f8831941891f6158498ec9b6cb1c81ce89388e63022e
  unf_ext (0.0.8.2) sha256=90b9623ee359cc4878461c5d2eab7d3d3ce5801a680a9e7ac83b8040c5b742fa
  unicode-display_width (1.8.0) sha256=0292132d364d59fcdd83f144910c48b3c8332b28a14c5c04bb093dd165600488
  webrick (1.8.1) sha256=19411ec6912911fd3df13559110127ea2badd0c035f7762873f58afc803e158f

BUNDLED WITH
   2.5.6
